PATH
  remote: .
  specs:
    rubyzip (0.9.4)

GEM
  remote: http://rubygems.org/
  specs:
    rake (0.9.2.2)

PLATFORMS
  ruby

DEPENDENCIES
  rake
  rubyzip!
